GEM
  remote: https://rubygems.org/
  specs:
    backports (3.12.0)
    connection_pool (2.2.2)
    dotenv (2.7.1)
    faraday (0.15.4)
      multipart-post (>= 1.2, < 3)
    json (2.2.0)
    multi_json (1.13.1)
    multipart-post (2.0.0)
    mustermann (1.0.3)
    net-http-persistent (3.0.0)
      connection_pool (~> 2.2)
    rack (2.0.8)
    rack-protection (2.0.5)
      rack
    rake (13.0.1)
    ruby-debug-ide (0.6.1)
      rake (>= 0.8.1)
    sinatra (2.0.5)
      mustermann (~> 1.0)
      rack (~> 2.0)
      rack-protection (= 2.0.5)
      tilt (~> 2.0)
    sinatra-contrib (2.0.5)
      backports (>= 2.8.2)
      multi_json
      mustermann (~> 1.0)
      rack-protection (= 2.0.5)
      sinatra (= 2.0.5)
      tilt (>= 1.3, < 3)
    sinatra-reloader (1.0)
      sinatra-contrib
    stripe (4.9.0)
      faraday (~> 0.13)
      net-http-persistent (~> 3.0)
    tilt (2.0.9)

PLATFORMS
  ruby

DEPENDENCIES
  dotenv
  json
  ruby-debug-ide
  sinatra
  sinatra-reloader
  stripe

BUNDLED WITH
   2.0.1
